GEM
  remote: https://rubygems.org/
  specs:
    backports (3.6.8)
    colorize (0.7.7)
    graphql (0.13.0)
    graphql-relay (0.9.5)
      graphql (~> 0.13)
    json (1.8.3)
    minitest (5.9.0)
    multi_json (1.12.1)
    pg (0.18.4)
    rack (1.6.4)
    rack-protection (1.5.3)
      rack
    rack-test (0.6.3)
      rack (>= 1.0)
    rake (10.5.0)
    sequel (4.34.0)
    sequel-seed (0.3.2)
      sequel (>= 4.0)
    sinatra (1.4.7)
      rack (~> 1.5)
      rack-protection (~> 1.4)
      tilt (>= 1.3, < 3)
    sinatra-contrib (1.4.7)
      backports (>= 2.0)
      multi_json
      rack-protection
      rack-test
      sinatra (~> 1.4.0)
      tilt (>= 1.3, < 3)
    tilt (2.0.4)

PLATFORMS
  ruby

DEPENDENCIES
  colorize
  graphql
  graphql-relay
  json
  minitest (~> 5.2)
  pg
  rack-test (~> 0.6)
  rake (~> 10.0)
  sequel
  sequel-seed
  sinatra (~> 1.4)
  sinatra-contrib

BUNDLED WITH
   1.12.3
