GEM
  remote: https://rubygems.org/
  specs:
    fakeredis (0.5.0)
      redis (~> 3.0)
    graphql (0.13.0)
    graphql-relay (0.9.5)
      graphql (~> 0.13)
    hiredis (0.6.1)
    minitest (5.9.0)
    pg (0.18.4)
    rack (1.6.4)
    rack-protection (1.5.3)
      rack
    rack-test (0.6.3)
      rack (>= 1.0)
    rake (10.5.0)
    redis (3.3.0)
    sequel (4.34.0)
    sinatra (1.4.7)
      rack (~> 1.5)
      rack-protection (~> 1.4)
      tilt (>= 1.3, < 3)
    tilt (2.0.4)

PLATFORMS
  ruby

DEPENDENCIES
  fakeredis (~> 0.4)
  graphql
  graphql-relay
  hiredis (~> 0.4)
  minitest (~> 5.2)
  pg
  rack-test (~> 0.6)
  rake (~> 10.0)
  redis (~> 3.0)
  sequel
  sinatra (~> 1.4)

BUNDLED WITH
   1.12.3
