GEM
  remote: https://rubygems.org/
  specs:
    colorize (0.7.7)
    graphql (0.14.0)
    json (1.8.3)
    jwt (1.5.4)
    minitest (5.9.0)
    pg (0.18.4)
    puma (3.4.0)
    rack (1.6.4)
    rack-jwt (0.3.0)
      jwt (~> 1.5.2)
      rack (>= 1.6.0)
    rack-protection (1.5.3)
      rack
    rack-test (0.6.3)
      rack (>= 1.0)
    rake (10.5.0)
    sequel (4.35.0)
    sequel-seed (0.3.2)
      sequel (>= 4.0)
    sinatra (1.4.7)
      rack (~> 1.5)
      rack-protection (~> 1.4)
      tilt (>= 1.3, < 3)
    tilt (2.0.5)

PLATFORMS
  ruby

DEPENDENCIES
  colorize
  graphql
  json
  minitest (~> 5.2)
  pg
  puma
  rack-jwt
  rack-protection
  rack-test (~> 0.6)
  rake (~> 10.0)
  sequel
  sequel-seed
  sinatra (~> 1.4)

BUNDLED WITH
   1.12.3
