GEM
  remote: https://rubygems.org/
  specs:
    colorize (0.7.7)
    dotenv (2.1.1)
    graphql (0.14.0)
    pg (0.18.4)
    puma (3.4.0)
    rack (1.6.4)
    rack_csrf (2.5.0)
      rack (>= 1.1.0)
    rake (11.1.2)
    roda (2.14.0)
      rack
    sequel (4.35.0)
    sequel-seed (0.3.2)
      sequel (>= 4.0)
    tilt (2.0.4)

PLATFORMS
  ruby

DEPENDENCIES
  colorize
  dotenv
  graphql
  pg
  puma
  rack_csrf
  rake
  roda
  sequel
  sequel-seed
  tilt

BUNDLED WITH
   1.12.3
